GEM
  remote: https://rubygems.org/
  specs:
    addressable (2.3.8)
    big-phoney (0.1.4)
    diff-lcs (1.2.5)
    email_address_validator (2.0.0)
    rspec (3.3.0)
      rspec-core (~> 3.3.0)
      rspec-expectations (~> 3.3.0)
      rspec-mocks (~> 3.3.0)
    rspec-core (3.3.2)
      rspec-support (~> 3.3.0)
    rspec-expectations (3.3.1)
      diff-lcs (>= 1.2.0, < 2.0)
      rspec-support (~> 3.3.0)
    rspec-mocks (3.3.2)
      diff-lcs (>= 1.2.0, < 2.0)
      rspec-support (~> 3.3.0)
    rspec-support (3.3.0)

PLATFORMS
  ruby

DEPENDENCIES
  addressable
  big-phoney
  email_address_validator
  rspec

BUNDLED WITH
   1.10.6
